PATH
  remote: .
  specs:
    myyard (0.0.1)
      thor (~> 0.14.3)
      vagrant (~> 0.6.4)

GEM
  remote: http://rubygems.org/
  specs:
    abstract (1.0.0)
    archive-tar-minitar (0.5.2)
    builder (2.1.2)
    cucumber (0.9.2)
      builder (~> 2.1.2)
      diff-lcs (~> 1.1.2)
      gherkin (~> 2.2.5)
      json (~> 1.4.6)
      term-ansicolor (~> 1.0.5)
    diff-lcs (1.1.2)
    erubis (2.6.6)
      abstract (>= 1.0.0)
    ffi (0.6.3)
      rake (>= 0.8.7)
    gherkin (2.2.8)
      json (~> 1.4.6)
      term-ansicolor (~> 1.0.5)
    i18n (0.4.1)
    json (1.4.6)
    mario (0.0.6)
    net-scp (1.0.4)
      net-ssh (>= 1.99.1)
    net-ssh (2.0.23)
    rake (0.8.7)
    rspec (2.0.0)
      rspec-core (= 2.0.0)
      rspec-expectations (= 2.0.0)
      rspec-mocks (= 2.0.0)
    rspec-core (2.0.0)
    rspec-expectations (2.0.0)
      diff-lcs (>= 1.1.2)
    rspec-mocks (2.0.0)
      rspec-core (= 2.0.0)
      rspec-expectations (= 2.0.0)
    term-ansicolor (1.0.5)
    thor (0.14.3)
    vagrant (0.6.4)
      archive-tar-minitar (= 0.5.2)
      erubis (~> 2.6.6)
      i18n (~> 0.4.1)
      json (~> 1.4.6)
      mario (~> 0.0.6)
      net-scp (~> 1.0.3)
      net-ssh (~> 2.0.23)
      thor (~> 0.14.2)
      virtualbox (~> 0.7.3)
    virtualbox (0.7.5)
      ffi (>= 0.6.3)

PLATFORMS
  ruby

DEPENDENCIES
  cucumber (~> 0.9.2)
  myyard!
  rspec (~> 2.0.0)
  thor (~> 0.14.3)
  vagrant (~> 0.6.4)
